GEM
  remote: https://rubygems.org/
  specs:
    capifony (2.8.3)
      capistrano (>= 2.13.5, <= 2.16.0)
      capistrano-maintenance (= 0.0.3)
      colored (>= 1.2.0)
      inifile (>= 2.0.2, < 3.0.0)
      ruby-progressbar (= 1.4.1)
    capistrano (2.15.5)
      highline
      net-scp (>= 1.0.0)
      net-sftp (>= 2.0.0)
      net-ssh (>= 2.0.14)
      net-ssh-gateway (>= 1.1.0)
    capistrano-ext (1.2.1)
      capistrano (>= 1.0.0)
    capistrano-maintenance (0.0.3)
      capistrano (>= 2.0.0)
    capistrano-shared_file (0.1.3)
    capistrano_rsync_with_remote_cache (2.4.0)
      capistrano (>= 2.1.0)
    colored (1.2)
    highline (1.6.21)
    inifile (2.0.2)
    net-scp (1.2.1)
      net-ssh (>= 2.6.5)
    net-sftp (2.1.2)
      net-ssh (>= 2.6.5)
    net-ssh (2.7.0)
    net-ssh-gateway (1.2.0)
      net-ssh (>= 2.6.5)
    ruby-progressbar (1.4.1)

PLATFORMS
  ruby

DEPENDENCIES
  capifony
  capistrano (~> 2.x)
  capistrano-ext
  capistrano-shared_file
  capistrano_rsync_with_remote_cache
  net-ssh (= 2.7.0)
